GEM
  remote: https://rubygems.org/
  specs:
    jekyll (2.5.3)

PLATFORMS
  ruby

DEPENDENCIES
  jekyll
